GEM
  remote: https://rubygems.org/
  specs:
    ansi (1.5.0)
    builder (3.2.4)
    childprocess (3.0.0)
    ffi (1.15.3)
    minitest (5.14.4)
    minitest-reporters (1.4.3)
      ansi
      builder
      minitest (>= 5.0)
      ruby-progressbar
    rake (13.0.3)
    ruby-progressbar (1.11.0)
    rubyzip (2.3.2)
    selenium-webdriver (3.142.7)
      childprocess (>= 0.5, < 4.0)
      rubyzip (>= 1.2.2)

PLATFORMS
  x86_64-darwin-18

DEPENDENCIES
  ffi
  minitest
  minitest-reporters
  rake
  rubyzip
  selenium-webdriver

RUBY VERSION
   ruby 3.0.0p0

BUNDLED WITH
   2.2.20
